GEM
  remote: https://rubygems.org/
  specs:
    json (1.8.3)
    minitest (5.8.5)
    mustermann (1.0.0)
    rack (2.0.3)
    rack-protection (2.0.0)
      rack
    sinatra (2.0.0)
      mustermann (~> 1.0)
      rack (~> 2.0)
      rack-protection (= 2.0.0)
      tilt (~> 2.0)
    tilt (2.0.8)

PLATFORMS
  x86-mingw32

DEPENDENCIES
  json
  minitest
  sinatra

BUNDLED WITH
   1.15.3
